GIT
  remote: git://github.com/camertron/scuttle-rb.git
  revision: 5010c463c656134b4487a8859bea201fbd1dd8d9
  specs:
    scuttle (1.0.0)
      coderay (~> 1.1.0)

GEM
  remote: http://rubygems.org/
  specs:
    coderay (1.1.0)
    ffi (1.9.3-java)
    json_pure (1.8.1)
    method_source (0.8.2)
    pry (0.9.12.6-java)
      coderay (~> 1.0)
      method_source (~> 0.8)
      slop (~> 3.4)
      spoon (~> 0.0)
    pry-nav (0.2.3)
      pry (~> 0.9.10)
    puma (2.8.2-java)
      rack (>= 1.1, < 2.0)
    rack (1.5.2)
    rack-protection (1.5.3)
      rack
    sinatra (1.4.5)
      rack (~> 1.4)
      rack-protection (~> 1.4)
      tilt (~> 1.3, >= 1.3.4)
    slop (3.5.0)
    spoon (0.0.4)
      ffi
    tilt (1.4.1)

PLATFORMS
  java

DEPENDENCIES
  json_pure
  pry-nav
  puma
  scuttle!
  sinatra
